PATH
  remote: ../
  specs:
    sc (0.1)

GEM
  remote: https://rubygems.org/
  specs:

PLATFORMS
  ruby

DEPENDENCIES
  sc!
